GIT
  remote: https://github.com/reactrb/reactrb-router.git
  revision: b776711c045ef69db1050ecb667b4a90d2739349
  branch: v2-4-0
  specs:
    reactrb-router (2.4.0)
      opal-browser
      reactrb

GEM
  remote: http://rubygems.org/
  specs:
    concurrent-ruby (1.0.2)
    hike (1.2.3)
    opal (0.9.4)
      hike (~> 1.2)
      sourcemap (~> 0.1.0)
      sprockets (~> 3.1)
      tilt (>= 1.4)
    opal-activesupport (0.3.0)
      opal (>= 0.5.0, < 1.0.0)
    opal-browser (0.2.0)
      opal
      paggio
    opal-jquery (0.4.1)
      opal (>= 0.7.0, < 0.10.0)
    paggio (0.2.6)
    rack (1.6.4)
    rack-protection (1.5.3)
      rack
    reactrb (0.8.8)
      opal (>= 0.8.0)
      opal-activesupport (>= 0.2.0)
      opal-browser (= 0.2.0)
    sinatra (1.4.6)
      rack (~> 1.4)
      rack-protection (~> 1.4)
      tilt (>= 1.3, < 3)
    sourcemap (0.1.1)
    sprockets (3.6.3)
      concurrent-ruby (~> 1.0)
      rack (> 1, < 3)
    tilt (2.0.5)

PLATFORMS
  ruby

DEPENDENCIES
  opal (= 0.9.4)
  opal-jquery
  reactrb
  reactrb-router!
  sinatra

BUNDLED WITH
   1.12.5
